GEM
  remote: https://rubygems.org/
  specs:
    asciidoctor (2.0.23)
    asciidoctor-diagram (2.3.1)
      asciidoctor (>= 1.5.7, < 3.x)
      asciidoctor-diagram-ditaamini (~> 1.0)
      asciidoctor-diagram-plantuml (~> 1.2021)
      rexml
    asciidoctor-diagram-batik (1.17)
    asciidoctor-diagram-ditaamini (1.0.3)
    asciidoctor-diagram-plantuml (1.2024.8)
      asciidoctor-diagram-batik (~> 1.17)
    asciidoctor-plantuml (0.1.1)
      asciidoctor (>= 2.0.17, < 3.0.0)
    asciidoctor-revealjs (5.2.0)
      asciidoctor (>= 2.0.0, < 3.0.0)
    rexml (3.4.0)
    rouge (4.5.1)

PLATFORMS
  ruby
  x86_64-linux

DEPENDENCIES
  asciidoctor
  asciidoctor-diagram
  asciidoctor-plantuml
  asciidoctor-revealjs
  rouge

BUNDLED WITH
   2.6.0
